GEM
  remote: https://rubygems.org/
  specs:
    diff-lcs (1.2.5)
    narray (0.6.0.9)
    rake (10.3.2)
    rake-compiler (0.9.2)
      rake
    rspec (3.0.0)
      rspec-core (~> 3.0.0)
      rspec-expectations (~> 3.0.0)
      rspec-mocks (~> 3.0.0)
    rspec-core (3.0.2)
      rspec-support (~> 3.0.0)
    rspec-expectations (3.0.2)
      diff-lcs (>= 1.2.0, < 2.0)
      rspec-support (~> 3.0.0)
    rspec-mocks (3.0.2)
      rspec-support (~> 3.0.0)
    rspec-support (3.0.2)
    yard (0.8.7.4)

PLATFORMS
  ruby

DEPENDENCIES
  bundler (>= 1.3)
  narray (>= 0.6.0.8)
  rake (>= 1.9.1)
  rake-compiler (>= 0.8.3)
  rspec (>= 2.13.0)
  yard (>= 0.8.7.2)
